GEM
  remote: http://rubygems.org/
  specs:
    callsite (0.0.11)
    rack (1.3.9)
    renee (0.3.11)
      renee-core (= 0.3.11)
      renee-render (= 0.3.11)
    renee-core (0.3.11)
      rack (~> 1.3.0)
    renee-render (0.3.11)
      callsite (~> 0.0.6)
      rack (~> 1.3.0)
      renee-core (= 0.3.11)
      tilt (~> 1.3.3)
    snmp (1.1.0)
    tilt (1.3.3)

PLATFORMS
  ruby

DEPENDENCIES
  renee (~> 0.3.11)
  snmp (~> 1.1.0)
